GIT
  remote: git://github.com/mitchellh/vagrant.git
  revision: 4f0eb9504cc786d5a57a43814427e8eb35407a4c
  tag: v1.4.3
  specs:
    vagrant (1.4.3)
      childprocess (~> 0.3.7)
      erubis (~> 2.7.0)
      i18n (~> 0.6.0)
      log4r (~> 1.1.9)
      net-scp (~> 1.1.0)
      net-ssh (>= 2.6.6, < 2.8.0)

GIT
  remote: git://github.com/opscode/chef.git
  revision: cd9909003e559ef2e244ec634bd95b51fe6a3b77
  branch: 11.6-stable
  specs:
    chef (11.6.2)
      erubis (~> 2.7)
      highline (~> 1.6, >= 1.6.9)
      json (>= 1.4.4, <= 1.7.7)
      mixlib-authentication (~> 1.3)
      mixlib-cli (~> 1.3)
      mixlib-config (~> 1.1, >= 1.1.2)
      mixlib-log (~> 1.3)
      mixlib-shellout (~> 1.1)
      net-ssh (~> 2.6)
      net-ssh-multi (~> 1.1.0)
      ohai (>= 0.6.0, < 7.0.0)
      rest-client (>= 1.0.4, < 1.7.0)
      yajl-ruby (~> 1.1)

GIT
  remote: git://github.com/opscode/knife-ec2.git
  revision: 2f878ef256154f5298cf9c7bcce1cdbe0eb9ba81
  specs:
    knife-ec2 (0.12.0)
      fog-aws (~> 0.7)
      knife-windows (~> 1.0)

GEM
  remote: https://rubygems.org/
  specs:
    archive-tar-minitar (0.5.2)
    builder (3.2.2)
    childprocess (0.3.9)
      ffi (~> 1.0, >= 1.0.11)
    erubis (2.7.0)
    excon (0.45.4)
    ffi (1.9.10)
    fog-aws (0.7.6)
      fog-core (~> 1.27)
      fog-json (~> 1.0)
      fog-xml (~> 0.1)
      ipaddress (~> 0.8)
    fog-core (1.35.0)
      builder
      excon (~> 0.45)
      formatador (~> 0.2)
    fog-json (1.0.2)
      fog-core (~> 1.0)
      multi_json (~> 1.10)
    fog-xml (0.1.2)
      fog-core
      nokogiri (~> 1.5, >= 1.5.11)
    formatador (0.2.5)
    gssapi (1.2.0)
      ffi (>= 1.0.1)
    gyoku (1.3.1)
      builder (>= 2.1.2)
    highline (1.7.8)
    httpclient (2.7.0.1)
    i18n (0.6.11)
    ipaddress (0.8.0)
    json (1.7.7)
    knife-solo (0.5.1)
      chef (>= 10.20)
      erubis (~> 2.7.0)
      net-ssh (~> 2.7, < 3.0)
    knife-windows (1.1.1)
      nokogiri
      winrm (~> 1.3)
      winrm-s (~> 0.3.0)
    librarian (0.1.2)
      highline
      thor (~> 0.15)
    librarian-chef (0.0.4)
      chef (>= 0.10)
      librarian (~> 0.1.0)
      minitar (>= 0.5.2)
    little-plugger (1.1.4)
    log4r (1.1.10)
    logging (2.0.0)
      little-plugger (~> 1.1)
      multi_json (~> 1.10)
    micromachine (1.1.0)
    mime-types (1.25.1)
    mini_portile2 (2.0.0)
    minitar (0.5.4)
    mixlib-authentication (1.3.0)
      mixlib-log
    mixlib-cli (1.5.0)
    mixlib-config (1.1.2)
    mixlib-log (1.6.0)
    mixlib-shellout (1.6.1)
    multi_json (1.11.2)
    net-scp (1.1.2)
      net-ssh (>= 2.6.5)
    net-ssh (2.7.0)
    net-ssh-gateway (1.2.0)
      net-ssh (>= 2.6.5)
    net-ssh-multi (1.1)
      net-ssh (>= 2.1.4)
      net-ssh-gateway (>= 0.99.0)
    nokogiri (1.6.7)
      mini_portile2 (~> 2.0.0.rc2)
    nori (2.6.0)
    ohai (6.24.2)
      ipaddress
      mixlib-cli
      mixlib-config
      mixlib-log
      mixlib-shellout
      systemu (~> 2.5.2)
      yajl-ruby
    rest-client (1.6.9)
      mime-types (~> 1.16)
    rubyntlm (0.4.0)
    systemu (2.5.2)
    thor (0.19.1)
    uuidtools (2.1.5)
    vagrant-cachier (1.2.1)
    vagrant-omnibus (1.4.1)
    vagrant-vbguest (0.11.0)
      i18n
      log4r
      micromachine (~> 1.1.0)
    winrm (1.3.6)
      builder (>= 2.1.2)
      gssapi (~> 1.2)
      gyoku (~> 1.0)
      httpclient (~> 2.2, >= 2.2.0.2)
      logging (>= 1.6.1, < 3.0)
      nori (~> 2.0)
      rubyntlm (~> 0.4.0)
      uuidtools (~> 2.1.2)
    winrm-s (0.3.1)
      winrm (~> 1.3.0)
    yajl-ruby (1.2.1)

PLATFORMS
  ruby

DEPENDENCIES
  archive-tar-minitar
  chef!
  knife-ec2!
  knife-solo
  librarian-chef
  vagrant!
  vagrant-cachier
  vagrant-omnibus
  vagrant-vbguest
